GEM
  remote: https://rubygems.org/
  specs:
    asciidoctor (2.0.23)
    asciidoctor-revealjs (5.1.0)
      asciidoctor (>= 2.0.0, < 3.0.0)
    pygments.rb (3.0.0)

PLATFORMS
  x86_64-linux

DEPENDENCIES
  asciidoctor-revealjs
  pygments.rb

BUNDLED WITH
   2.4.20
